GIT
  remote: https://github.com/colszowka/simplecov
  revision: d4ed33b3876fe6f1e808bed60e134e2f8adf6267
  specs:
    simplecov (0.7.1)
      multi_json (~> 1.0)
      simplecov-html (~> 0.7.1)

PATH
  remote: .
  specs:
    simplecov-json (0.1.3)
      json
      simplecov

GEM
  remote: https://rubygems.org/
  specs:
    json (1.7.7)
    metaclass (0.0.1)
    mocha (0.12.7)
      metaclass (~> 0.0.1)
    multi_json (1.3.6)
    simplecov-html (0.7.1)

PLATFORMS
  ruby

DEPENDENCIES
  mocha
  simplecov!
  simplecov-json!
